GEM
  remote: http://rubygems.org/
  specs:
    activesupport (3.0.9)
    awesome_print (0.4.0)
    diff-lcs (1.1.3)
    git (1.2.5)
    i18n (0.6.0)
    jeweler (1.6.4)
      bundler (~> 1.0)
      git (>= 1.2.5)
      rake
    mime-types (1.17.2)
    rake (0.9.2.2)
    rcov (0.9.11)
    rest-client (1.6.7)
      mime-types (>= 1.16)
    rspec (2.3.0)
      rspec-core (~> 2.3.0)
      rspec-expectations (~> 2.3.0)
      rspec-mocks (~> 2.3.0)
    rspec-core (2.3.1)
    rspec-expectations (2.3.0)
      diff-lcs (~> 1.1.2)
    rspec-mocks (2.3.0)

PLATFORMS
  ruby

DEPENDENCIES
  activesupport (= 3.0.9)
  awesome_print
  bundler (~> 1.0.0)
  i18n
  jeweler (~> 1.6.4)
  rcov
  rest-client
  rspec (~> 2.3.0)
